PATH
  remote: .
  specs:
    firebase-stats (1.0.7)
      android-devices (~> 1.0)
      commander (~> 4.5)
      table_print (~> 1.5)

GEM
  remote: https://rubygems.org/
  specs:
    android-devices (1.0.1)
    ast (2.4.2)
    commander (4.6.0)
      highline (~> 2.0.0)
    diff-lcs (1.4.4)
    highline (2.0.3)
    parallel (1.20.1)
    parser (3.0.0.0)
      ast (~> 2.4.1)
    rainbow (3.0.0)
    rake (13.0.3)
    regexp_parser (2.1.1)
    rexml (3.2.5)
    rspec (3.10.0)
      rspec-core (~> 3.10.0)
      rspec-expectations (~> 3.10.0)
      rspec-mocks (~> 3.10.0)
    rspec-core (3.10.1)
      rspec-support (~> 3.10.0)
    rspec-expectations (3.10.1)
      diff-lcs (>= 1.2.0, < 2.0)
      rspec-support (~> 3.10.0)
    rspec-mocks (3.10.2)
      diff-lcs (>= 1.2.0, < 2.0)
      rspec-support (~> 3.10.0)
    rspec-support (3.10.2)
    rubocop (1.10.0)
      parallel (~> 1.10)
      parser (>= 3.0.0.0)
      rainbow (>= 2.2.2, < 4.0)
      regexp_parser (>= 1.8, < 3.0)
      rexml
      rubocop-ast (>= 1.2.0, < 2.0)
      ruby-progressbar (~> 1.7)
      unicode-display_width (>= 1.4.0, < 3.0)
    rubocop-ast (1.4.1)
      parser (>= 2.7.1.5)
    ruby-progressbar (1.11.0)
    table_print (1.5.7)
    unicode-display_width (2.0.0)

PLATFORMS
  -darwin-21
  arm64-darwin-20
  x86_64-darwin-19
  x86_64-darwin-20
  x86_64-linux

DEPENDENCIES
  firebase-stats!
  rake (~> 13)
  rspec (~> 3.10)
  rubocop (~> 1.10)

BUNDLED WITH
   2.2.14
